GEM
  remote: https://rubygems.org/
  specs:
    addressable (2.5.1)
      public_suffix (~> 2.0, >= 2.0.2)
    ansi (1.5.0)
    ast (2.3.0)
    faraday (0.12.2)
      multipart-post (>= 1.2, < 3)
    json (2.1.0)
    koala (3.0.0)
      addressable
      faraday
      json (>= 1.8)
    multipart-post (2.0.0)
    oga (2.10)
      ast
      ruby-ll (~> 2.1)
    pg (0.21.0)
    public_suffix (2.0.5)
    rake (12.0.0)
    ruby-ll (2.1.2)
      ansi
      ast

PLATFORMS
  ruby

DEPENDENCIES
  koala
  oga
  pg
  rake

BUNDLED WITH
   1.15.3
