GEM
  remote: https://rubygems.org/
  specs:
    addressable (2.5.1)
      public_suffix (~> 2.0, >= 2.0.2)
    faraday (0.12.2)
      multipart-post (>= 1.2, < 3)
    json (2.1.0)
    koala (3.0.0)
      addressable
      faraday
      json (>= 1.8)
    multipart-post (2.0.0)
    public_suffix (2.0.5)
    rake (12.0.0)

PLATFORMS
  ruby

DEPENDENCIES
  koala
  rake

BUNDLED WITH
   1.15.3
